PATH
  remote: .
  specs:
    rubyipmi (0.7.0.pre)

GEM
  remote: http://rubygems.org/
  specs:
    diff-lcs (1.2.4)
    highline (1.6.19)
    json (1.8.0)
    rake (10.1.0)
    rcov (1.0.0)
    rdoc (3.12.2)
      json (~> 1.4)
    rspec (2.14.1)
      rspec-core (~> 2.14.0)
      rspec-expectations (~> 2.14.0)
      rspec-mocks (~> 2.14.0)
    rspec-core (2.14.5)
    rspec-expectations (2.14.2)
      diff-lcs (>= 1.1.3, < 2.0)
    rspec-mocks (2.14.3)

PLATFORMS
  ruby

DEPENDENCIES
  bundler (>= 1.1.5)
  highline
  rake
  rcov
  rdoc (~> 3.12)
  rspec (>= 2.8.0)
  rubyipmi!
